PATH
  remote: ../../..
  specs:
    nicefn (0.1.0)

GEM
  remote: https://rubygems.org/
  specs:

PLATFORMS
  ruby

DEPENDENCIES
  nicefn!

BUNDLED WITH
   1.16.5
